GEM
  remote: https://rubygems.org/
  specs:
    tiny_gemini (2.1.1)

PLATFORMS
  ruby
  x86_64-darwin-23

DEPENDENCIES
  tiny_gemini

BUNDLED WITH
   2.5.11
